PATH
  remote: .
  specs:
    hardwired (0.4)
      erubis
      nokogiri
      recursive-open-struct
      sinatra (>= 1.3.3)
      tilt (>= 2.0.1)

GEM
  remote: http://rubygems.org/
  specs:
    coderay (1.1.3)
    erubis (2.7.0)
    interception (0.5)
    method_source (1.0.0)
    mini_portile2 (2.6.1)
    minitest (5.14.4)
    mustermann (1.1.1)
      ruby2_keywords (~> 0.0.1)
    nokogiri (1.12.5)
      mini_portile2 (~> 2.6.1)
      racc (~> 1.4)
    pry (0.14.1)
      coderay (~> 1.1)
      method_source (~> 1.0)
    pry-rescue (1.5.2)
      interception (>= 0.5)
      pry (>= 0.12.0)
    racc (1.6.0)
    rack (2.2.3)
    rack-protection (2.1.0)
      rack
    rack-test (1.1.0)
      rack (>= 1.0, < 3)
    rake (13.0.6)
    recursive-open-struct (1.1.3)
    ruby2_keywords (0.0.5)
    sinatra (2.1.0)
      mustermann (~> 1.0)
      rack (~> 2.2)
      rack-protection (= 2.1.0)
      tilt (~> 2.0)
    tilt (2.0.10)

PLATFORMS
  ruby

DEPENDENCIES
  hardwired!
  minitest
  pry-rescue
  rack-test
  rake

BUNDLED WITH
   2.1.4
